GIT
  remote: git://github.com/cucumber/aruba.git
  revision: adbfc240d69254d7b525876b4c5bff6b721b7d65
  specs:
    aruba (0.5.3)
      childprocess (>= 0.3.6)
      cucumber (>= 1.1.1)
      rspec-expectations (>= 2.7.0)

PATH
  remote: .
  specs:
    baws (0.1.0)
      aws-sdk (~> 1.22)
      bundler (~> 1.3)
      rake
      thor

GEM
  remote: https://rubygems.org/
  specs:
    aws-sdk (1.22.1)
      json (~> 1.4)
      nokogiri (>= 1.4.4, < 1.6.0)
      uuidtools (~> 2.1)
    builder (3.2.2)
    childprocess (0.3.9)
      ffi (~> 1.0, >= 1.0.11)
    cucumber (1.3.8)
      builder (>= 2.1.2)
      diff-lcs (>= 1.1.3)
      gherkin (~> 2.12.1)
      multi_json (>= 1.7.5, < 2.0)
      multi_test (>= 0.0.2)
    diff-lcs (1.2.4)
    ffi (1.9.0)
    gherkin (2.12.2)
      multi_json (~> 1.3)
    json (1.8.1)
    multi_json (1.8.2)
    multi_test (0.0.2)
    nokogiri (1.5.10)
    rake (10.1.0)
    rspec (2.14.1)
      rspec-core (~> 2.14.0)
      rspec-expectations (~> 2.14.0)
      rspec-mocks (~> 2.14.0)
    rspec-core (2.14.6)
    rspec-expectations (2.14.3)
      diff-lcs (>= 1.1.3, < 2.0)
    rspec-mocks (2.14.4)
    thor (0.18.1)
    uuidtools (2.1.4)

PLATFORMS
  ruby

DEPENDENCIES
  aruba!
  baws!
  cucumber
  rspec
